PATH
  remote: .
  specs:
    get_pomo (1.0.0)

GEM
  remote: https://rubygems.org/
  specs:
    bump (0.5.0)
    diff-lcs (1.2.5)
    rake (10.2.2)
    rspec (2.14.1)
      rspec-core (~> 2.14.0)
      rspec-expectations (~> 2.14.0)
      rspec-mocks (~> 2.14.0)
    rspec-core (2.14.8)
    rspec-expectations (2.14.5)
      diff-lcs (>= 1.1.3, < 2.0)
    rspec-mocks (2.14.6)

PLATFORMS
  ruby

DEPENDENCIES
  bump
  get_pomo!
  rake
  rspec (~> 2)

BUNDLED WITH
   2.2.16
